GEM
  remote: https://rubygems.org/
  specs:
    asciidoctor (2.0.23)
    asciidoctor-diagram (2.3.1)
      asciidoctor (>= 1.5.7, < 3.x)
      asciidoctor-diagram-ditaamini (~> 1.0)
      asciidoctor-diagram-plantuml (~> 1.2021)
      rexml
    asciidoctor-diagram-batik (1.17)
    asciidoctor-diagram-ditaamini (1.0.3)
    asciidoctor-diagram-plantuml (1.2024.5)
      asciidoctor-diagram-batik (~> 1.17)
    coderay (1.1.3)
    rexml (3.3.4)
      strscan
    strscan (3.1.0)

PLATFORMS
  ruby

DEPENDENCIES
  asciidoctor
  asciidoctor-diagram
  coderay

BUNDLED WITH
   2.5.17
