GEM
  remote: https://rubygems.org/
  specs:
    asciidoctor (1.5.8)
    asciidoctor-diagram (1.5.7)
      asciidoctor (~> 1.5.0)
    coderay (1.1.2)

PLATFORMS
  ruby

DEPENDENCIES
  asciidoctor
  asciidoctor-diagram
  coderay

BUNDLED WITH
   2.1.4
